{
    "TaskName": "oneback",
    "Manufacturer": "Elekta",
    "PowerLineFrequency": "n/a",
    "SamplingFrequency": 500.0,
    "SoftwareFilters": "n/a",
    "RecordingDuration": 3930.358,
    "RecordingType": "continuous",
    "EEGReference": "n/a",
    "EEGGround": "n/a",
    "EEGPlacementScheme": "based on the extended 10/20 system",
    "EEGChannelCount": 64,
    "EOGChannelCount": 0,
    "ECGChannelCount": 0,
    "EMGChannelCount": 0,
    "MiscChannelCount": 0,
    "TriggerChannelCount": 0
}
